GEM
  remote: http://rubygems.org/
  remote: http://gems.github.com/
  specs:
    RedCloth (4.2.7)
    actionmailer (2.3.14)
      actionpack (= 2.3.14)
    actionpack (2.3.14)
      activesupport (= 2.3.14)
      rack (~> 1.1.0)
    activerecord (2.3.14)
      activesupport (= 2.3.14)
    activeresource (2.3.14)
      activesupport (= 2.3.14)
    activesupport (2.3.14)
    capistrano (2.9.0)
      highline
      net-scp (>= 1.0.0)
      net-sftp (>= 2.0.0)
      net-ssh (>= 2.0.14)
      net-ssh-gateway (>= 1.1.0)
    carmen (0.2.8)
    chronic (0.6.4)
    cocaine (0.2.0)
    color (1.4.1)
    columnize (0.3.6)
    daemon_controller (0.2.6)
    faker (1.0.1)
      i18n (~> 0.4)
    fastthread (1.0.7)
    highline (1.6.2)
    hoe (2.12.3)
      rake (~> 0.8)
    i18n (0.6.0)
    json (1.6.1)
    linecache (0.46)
      rbx-require-relative (> 0.0.4)
    metaclass (0.0.1)
    mime-types (1.16)
    mocha (0.10.0)
      metaclass (~> 0.0.1)
    mysql (2.8.1)
    net-scp (1.0.4)
      net-ssh (>= 1.99.1)
    net-sftp (2.0.5)
      net-ssh (>= 2.0.9)
    net-ssh (2.2.1)
    net-ssh-gateway (1.1.0)
      net-ssh (>= 1.99.1)
    paperclip (2.3.15)
      activerecord (>= 2.3.0)
      activesupport (>= 2.3.2)
      cocaine (>= 0.0.2)
      mime-types
    passenger (3.0.9)
      daemon_controller (>= 0.2.5)
      fastthread (>= 1.0.1)
      rack
      rake (>= 0.8.1)
    pdf-writer (1.1.8)
      color (>= 1.4.0)
      transaction-simple (~> 1.3)
    rack (1.1.2)
    rails (2.3.14)
      actionmailer (= 2.3.14)
      actionpack (= 2.3.14)
      activerecord (= 2.3.14)
      activeresource (= 2.3.14)
      activesupport (= 2.3.14)
      rake (>= 0.8.3)
    rake (0.9.2.2)
    rbx-require-relative (0.0.5)
    rcov (0.9.9)
    rdoc (3.10)
      json (~> 1.4)
    redbox (1.0.4)
    restful_authentication (1.1.6)
      rails (~> 2.3.4)
    ruby-debug (0.10.4)
      columnize (>= 0.1)
      ruby-debug-base (~> 0.10.4.0)
    ruby-debug-base (0.10.4)
      linecache (>= 0.3)
    ruby-ole (1.2.11.2)
    rvm (1.8.6)
    spreadsheet (0.6.5.5)
      ruby-ole (>= 1.0)
    sqlite3 (1.3.4)
    sqlite3-ruby (1.3.3)
      sqlite3 (>= 1.3.3)
    transaction-simple (1.4.0)
      hoe (>= 1.1.7)
    whenever (0.7.0)
      activesupport (>= 2.3.4)
      chronic (~> 0.6.3)
    will_paginate (2.3.15)
    wirble (0.1.3)
    yaml_db (0.1.0)

PLATFORMS
  ruby

DEPENDENCIES
  RedCloth (= 4.2.7)
  capistrano
  carmen (= 0.2.8)
  faker
  mocha
  mysql
  paperclip (= 2.3.15)
  passenger
  pdf-writer (= 1.1.8)
  rails (= 2.3.14)
  rake (= 0.9.2.2)
  rcov (= 0.9.9)
  rdoc
  redbox (= 1.0.4)
  restful_authentication (= 1.1.6)
  ruby-debug
  rvm
  spreadsheet (= 0.6.5.5)
  sqlite3-ruby
  whenever
  will_paginate (= 2.3.15)
  wirble
  yaml_db (= 0.1.0)
